GIT
  remote: https://github.com/calabash/calabash-ios.git
  revision: a9002ff505322fe010d0ad0fa74b4478fdbc6940
  branch: develop
  specs:
    calabash-cucumber (0.23.1)
      awesome_print
      clipboard (~> 1.0)
      cucumber
      edn (>= 1.0.6, < 2.0)
      geocoder (>= 1.1.8, < 2.0)
      httpclient (>= 2.7.1, < 3.0)
      json
      run_loop (>= 4.2, < 5.0)
      slowhandcuke (~> 0.0.3)

GIT
  remote: https://github.com/calabash/run_loop.git
  revision: 0bd50baa5832dca57efe1a5a94cf07756ad819fc
  branch: develop
  specs:
    run_loop (4.7.1)
      awesome_print
      command_runner_ng
      httpclient
      i18n
      json
      thor

GEM
  remote: https://rubygems.org/
  specs:
    ansi (1.5.0)
    awesome_print (1.9.2)
    briar (2.0.5)
      ansi (~> 1.5)
      bundler
      calabash-cucumber (>= 0.12, < 1.0)
      dotenv
      rainbow (= 2.1.0)
      rake
      rbx-require-relative (~> 0.0)
      retriable
      xamarin-test-cloud
    builder (3.2.4)
    clipboard (1.3.6)
    coderay (1.1.3)
    command_runner_ng (0.1.4)
    concurrent-ruby (1.1.10)
    cucumber (2.99.0)
      builder (>= 2.1.2)
      cucumber-core (~> 1.5.0)
      cucumber-wire (~> 0.0.1)
      diff-lcs (>= 1.1.3)
      gherkin (~> 4.0)
      multi_json (>= 1.7.5, < 2.0)
      multi_test (>= 0.1.2)
    cucumber-core (1.5.0)
      gherkin (~> 4.0)
    cucumber-wire (0.0.1)
    diff-lcs (1.5.0)
    dotenv (2.7.6)
    edn (1.1.1)
    geocoder (1.8.0)
    gherkin (4.1.3)
    httpclient (2.8.3)
    i18n (1.10.0)
      concurrent-ruby (~> 1.0)
    json (2.3.0)
    luffa (2.1.0)
      awesome_print
      json
      retriable (>= 1.3.3.1, < 2.1)
      thor (~> 0.19)
    method_source (1.0.0)
    mime-types (3.4.1)
      mime-types-data (~> 3.2015)
    mime-types-data (3.2022.0105)
    multi_json (1.15.0)
    multi_test (1.1.0)
    pry (0.14.1)
      coderay (~> 1.1)
      method_source (~> 1.0)
    pry-nav (1.0.0)
      pry (>= 0.9.10, < 0.15)
    rainbow (2.1.0)
    rake (13.0.6)
    rbx-require-relative (0.0.9)
    retriable (2.0.2)
    rouge (2.0.7)
    rspec (3.11.0)
      rspec-core (~> 3.11.0)
      rspec-expectations (~> 3.11.0)
      rspec-mocks (~> 3.11.0)
    rspec-core (3.11.0)
      rspec-support (~> 3.11.0)
    rspec-expectations (3.11.0)
      diff-lcs (>= 1.2.0, < 2.0)
      rspec-support (~> 3.11.0)
    rspec-mocks (3.11.1)
      diff-lcs (>= 1.2.0, < 2.0)
      rspec-support (~> 3.11.0)
    rspec-support (3.11.0)
    rubyzip (1.3.0)
    slowhandcuke (0.0.3)
      cucumber
    thor (0.20.3)
    xamarin-test-cloud (2.3.0)
      bundler
      httpclient (>= 2.7.1, < 3.0)
      json
      mime-types (>= 2.99, < 4.0)
      retriable (>= 1.3.3.1, < 2.1)
      rubyzip (~> 1.1)
      thor (>= 0.18.1, < 1.0)
    xcpretty (0.3.0)
      rouge (~> 2.0.7)

PLATFORMS
  -darwin-21

DEPENDENCIES
  briar (~> 2.0)
  calabash-cucumber!
  cucumber (= 2.99.0)
  json (= 2.3.0)
  luffa (= 2.1.0)
  pry
  pry-nav
  rspec (~> 3.0)
  run_loop!
  xamarin-test-cloud (~> 2.1)
  xcpretty

BUNDLED WITH
   2.3.16
