GIT
  remote: git://github.com/calabash/calabash-ios.git
  revision: 98d47f2bf24a3b23b8c76b36a7b3c258803839eb
  branch: develop
  specs:
    calabash-cucumber (0.21.1)
      awesome_print
      bundler (~> 1.3)
      clipboard (~> 1.0)
      cucumber
      edn (>= 1.0.6, < 2.0)
      geocoder (>= 1.1.8, < 2.0)
      httpclient (>= 2.7.1, < 3.0)
      json
      run_loop (>= 2.6.1, < 3.0)
      slowhandcuke (~> 0.0.3)

GIT
  remote: git://github.com/calabash/run_loop.git
  revision: 895aef709ce5ae01cfa84e246c753046567be807
  branch: develop
  specs:
    run_loop (2.6.1)
      CFPropertyList (~> 2.2)
      awesome_print (~> 1.2)
      command_runner_ng (>= 0.0.2)
      httpclient (>= 2.7.1, < 3.0)
      i18n (>= 0.7.0, < 1.0)
      json (~> 1.8)
      thor (>= 0.18.1, < 1.0)

GEM
  remote: https://rubygems.org/
  specs:
    CFPropertyList (2.3.5)
    ansi (1.5.0)
    awesome_print (1.8.0)
    briar (2.0.5)
      ansi (~> 1.5)
      bundler
      calabash-cucumber (>= 0.12, < 1.0)
      dotenv
      rainbow (= 2.1.0)
      rake
      rbx-require-relative (~> 0.0)
      retriable
      xamarin-test-cloud
    builder (3.2.3)
    clipboard (1.1.1)
    coderay (1.1.2)
    command_runner_ng (0.1.3)
    concurrent-ruby (1.0.5)
    cucumber (2.99.0)
      builder (>= 2.1.2)
      cucumber-core (~> 1.5.0)
      cucumber-wire (~> 0.0.1)
      diff-lcs (>= 1.1.3)
      gherkin (~> 4.0)
      multi_json (>= 1.7.5, < 2.0)
      multi_test (>= 0.1.2)
    cucumber-core (1.5.0)
      gherkin (~> 4.0)
    cucumber-wire (0.0.1)
    diff-lcs (1.3)
    dotenv (2.2.1)
    edn (1.1.1)
    geocoder (1.4.4)
    gherkin (4.1.3)
    httpclient (2.8.3)
    i18n (0.9.0)
      concurrent-ruby (~> 1.0)
    json (1.8.6)
    luffa (1.1.0)
      awesome_print (~> 1.2)
      json (~> 1.8)
      retriable (>= 1.3.3.1, < 2.1)
      thor (~> 0.19)
    method_source (0.8.2)
    mime-types (2.99.3)
    multi_json (1.12.2)
    multi_test (0.1.2)
    pry (0.10.4)
      coderay (~> 1.1.0)
      method_source (~> 0.8.1)
      slop (~> 3.4)
    pry-nav (0.2.4)
      pry (>= 0.9.10, < 0.11.0)
    rainbow (2.1.0)
    rake (12.1.0)
    rbx-require-relative (0.0.9)
    retriable (2.0.2)
    rouge (2.0.7)
    rspec (3.7.0)
      rspec-core (~> 3.7.0)
      rspec-expectations (~> 3.7.0)
      rspec-mocks (~> 3.7.0)
    rspec-core (3.7.0)
      rspec-support (~> 3.7.0)
    rspec-expectations (3.7.0)
      diff-lcs (>= 1.2.0, < 2.0)
      rspec-support (~> 3.7.0)
    rspec-mocks (3.7.0)
      diff-lcs (>= 1.2.0, < 2.0)
      rspec-support (~> 3.7.0)
    rspec-support (3.7.0)
    rubyzip (1.2.1)
    slop (3.6.0)
    slowhandcuke (0.0.3)
      cucumber
    thor (0.20.0)
    xamarin-test-cloud (2.1.2)
      bundler (>= 1.3.0, < 2.0)
      httpclient (>= 2.7.1, < 3.0)
      json (~> 1.8)
      mime-types (~> 2.99)
      retriable (>= 1.3.3.1, < 2.1)
      rubyzip (~> 1.1)
      thor (>= 0.18.1, < 1.0)
    xcpretty (0.2.8)
      rouge (~> 2.0.7)

PLATFORMS
  ruby

DEPENDENCIES
  briar (~> 2.0)
  calabash-cucumber!
  cucumber (~> 2.0)
  luffa (~> 1.0, >= 1.0.2)
  pry
  pry-nav
  rspec (~> 3.0)
  run_loop!
  xamarin-test-cloud (~> 2.1)
  xcpretty

BUNDLED WITH
   1.15.4
